GEM
  remote: https://rubygems.org/
  specs:
    autoprefixer-rails (6.5.3)
      execjs
    execjs (2.7.0)
    libv8 (5.3.332.38.3)
    mini_racer (0.1.7)
      libv8 (~> 5.3)
    mustache (1.0.3)
    sass (3.4.22)

PLATFORMS
  ruby

DEPENDENCIES
  autoprefixer-rails
  mini_racer
  mustache
  sass

BUNDLED WITH
   1.13.6
