GEM
  remote: https://rubygems.org/
  specs:
    ffi (1.9.14)
    listen (3.1.5)
      rb-fsevent (~> 0.9, >= 0.9.4)
      rb-inotify (~> 0.9, >= 0.9.7)
      ruby_dep (~> 1.2)
    mustache (1.0.3)
    rb-fsevent (0.9.8)
    rb-inotify (0.9.7)
      ffi (>= 0.5.0)
    ruby_dep (1.5.0)
    sass (3.4.22)

PLATFORMS
  ruby

DEPENDENCIES
  listen
  mustache
  sass

BUNDLED WITH
   1.13.6
