GEM
  remote: https://rubygems.org/
  specs:
    mustache (1.0.3)
    sass (3.4.22)

PLATFORMS
  ruby

DEPENDENCIES
  mustache
  sass

BUNDLED WITH
   1.13.6
